GEM
  remote: http://rubygems.org/
  specs:
    bcrypt (3.1.12)
    coderay (1.1.2)
    diff-lcs (1.3)
    gettext (3.2.9)
      locale (>= 2.0.5)
      text (>= 1.3.0)
    kramdown (2.1.0)
    locale (2.1.2)
    mustermann (1.0.3)
    rack (2.0.6)
    rack-protection (2.0.5)
      rack
    rack-test (1.1.0)
      rack (>= 1.0, < 3)
    rack_csrf (2.6.0)
      rack (>= 1.1.0)
    rspec (3.8.0)
      rspec-core (~> 3.8.0)
      rspec-expectations (~> 3.8.0)
      rspec-mocks (~> 3.8.0)
    rspec-core (3.8.0)
      rspec-support (~> 3.8.0)
    rspec-expectations (3.8.2)
      diff-lcs (>= 1.2.0, < 2.0)
      rspec-support (~> 3.8.0)
    rspec-mocks (3.8.0)
      diff-lcs (>= 1.2.0, < 2.0)
      rspec-support (~> 3.8.0)
    rspec-support (3.8.0)
    sinatra (2.0.5)
      mustermann (~> 1.0)
      rack (~> 2.0)
      rack-protection (= 2.0.5)
      tilt (~> 2.0)
    text (1.3.1)
    tilt (2.0.9)
    zxcvbn-ruby (0.1.2)

PLATFORMS
  ruby

DEPENDENCIES
  bcrypt
  coderay
  gettext
  kramdown
  locale
  rack
  rack-test
  rack_csrf
  rspec
  sinatra
  zxcvbn-ruby

BUNDLED WITH
   2.0.1
