GEM
  remote: http://rubygems.org/
  specs:
    bcrypt (3.1.10)
    coderay (1.1.0)
    diff-lcs (1.2.5)
    gettext (3.1.6)
      locale (>= 2.0.5)
      text (>= 1.3.0)
    kramdown (1.8.0)
    locale (2.1.1)
    rack (1.6.4)
    rack-protection (1.5.3)
      rack
    rack-test (0.6.3)
      rack (>= 1.0)
    rack_csrf (2.5.0)
      rack (>= 1.1.0)
    rspec (3.3.0)
      rspec-core (~> 3.3.0)
      rspec-expectations (~> 3.3.0)
      rspec-mocks (~> 3.3.0)
    rspec-core (3.3.2)
      rspec-support (~> 3.3.0)
    rspec-expectations (3.3.1)
      diff-lcs (>= 1.2.0, < 2.0)
      rspec-support (~> 3.3.0)
    rspec-mocks (3.3.2)
      diff-lcs (>= 1.2.0, < 2.0)
      rspec-support (~> 3.3.0)
    rspec-support (3.3.0)
    sinatra (1.4.6)
      rack (~> 1.4)
      rack-protection (~> 1.4)
      tilt (>= 1.3, < 3)
    text (1.3.1)
    tilt (2.0.1)
    zxcvbn-ruby (0.1.0)

PLATFORMS
  ruby

DEPENDENCIES
  bcrypt
  coderay
  gettext
  kramdown
  locale
  rack
  rack-test
  rack_csrf
  rspec
  sinatra
  zxcvbn-ruby
